GEM
  remote: http://rubygems.org/
  specs:
    bubble-wrap (0.2.1)

PLATFORMS
  ruby

DEPENDENCIES
  bubble-wrap
